PATH
  remote: .
  specs:
    jekyll-scientific (0.0.1)
      citeproc-ruby (~> 0.0.6)

GEM
  remote: https://rubygems.org/
  specs:
    bibtex-ruby (3.0.0)
      latex-decode (>= 0.0.6)
      multi_json (~> 1.3)
    citeproc-ruby (0.0.6)
      logging (~> 1.5)
      nokogiri (~> 1.5)
    json (1.8.1)
    latex-decode (0.1.1)
      unicode (~> 0.4)
    liquid (2.5.4)
    little-plugger (1.1.3)
    logging (1.8.1)
      little-plugger (>= 1.1.3)
      multi_json (>= 1.3.6)
    mini_portile (0.5.2)
    multi_json (1.8.2)
    nokogiri (1.6.1-x86-mingw32)
      mini_portile (~> 0.5.0)
    rdoc (4.0.1)
      json (~> 1.4)
    unicode (0.4.4)

PLATFORMS
  x86-mingw32

DEPENDENCIES
  bibtex-ruby (~> 3.0.0)
  jekyll-scientific!
  liquid (~> 2.5.2)
  rdoc (> 0)
